GEM
  remote: https://rubygems.org/
  specs:
    activesupport (3.2.10)
      i18n (~> 0.6)
      multi_json (~> 1.0)
    colored (1.2)
    i18n (0.6.1)
    ib (0.2.4)
      thor (>= 0.15.4)
      xcodeproj (>= 0.4.0)
    motion_data (0.0.7)
    multi_json (1.5.0)
    thor (0.16.0)
    xcodeproj (0.4.0)
      activesupport (~> 3.2.6)
      colored (~> 1.2)

PLATFORMS
  ruby

DEPENDENCIES
  ib
  motion_data
